GEM
  remote: https://rubygems.org/
  specs:
    psych (2.0.0)
    thor (0.19.1)

PLATFORMS
  ruby

DEPENDENCIES
  psych
  thor
